GEM
  remote: https://rubygems.org/
  specs:
    byebug (10.0.2)
    coderay (1.1.2)
    ffi (1.9.25)
    jwt (2.1.0)
    method_source (0.9.2)
    pry (0.12.2)
      coderay (~> 1.1.0)
      method_source (~> 0.9.0)
    pry-byebug (3.6.0)
      byebug (~> 10.0)
      pry (~> 0.10)
    puma (3.12.0)
    rack (2.0.6)
    rack-cors (1.0.2)
    rbnacl (6.0.0)
      ffi
    roda (3.14.1)
      rack

PLATFORMS
  ruby

DEPENDENCIES
  jwt (~> 2.1)
  pry (~> 0.12.2)
  pry-byebug (~> 3.6)
  puma (~> 3.12)
  rack-cors (~> 1.0)
  rbnacl (~> 6.0)
  roda (~> 3.14)

BUNDLED WITH
   1.17.1
